PATH
  remote: .
  specs:
    hcl (0.1.0)
      parslet (~> 1.8)

GEM
  remote: https://rubygems.org/
  specs:
    ansi (1.5.0)
    builder (3.2.3)
    coderay (1.1.2)
    irb (1.0.0)
    method_source (0.9.2)
    minitest (5.11.3)
    minitest-reporters (1.3.6)
      ansi
      builder
      minitest (>= 5.0)
      ruby-progressbar
    parslet (1.8.2)
    pry (0.12.2)
      coderay (~> 1.1.0)
      method_source (~> 0.9.0)
    rake (10.5.0)
    ruby-progressbar (1.10.0)

PLATFORMS
  ruby

DEPENDENCIES
  bundler (~> 2.0)
  hcl!
  irb
  minitest (>= 5.8)
  minitest-reporters (>= 1.1)
  pry
  rake (~> 10.0)

BUNDLED WITH
   2.0.1
